PATH
  remote: .
  specs:
    yahoojp-auction-api (0.0.3)

GEM
  remote: https://rubygems.org/
  specs:
    rake (10.5.0)

PLATFORMS
  ruby

DEPENDENCIES
  bundler (~> 1.3)
  rake
  yahoojp-auction-api!

BUNDLED WITH
   1.10.6
